GEM
  remote: http://rubygems.org/
  specs:
    faraday (0.8.1)
      multipart-post (~> 1.1)
    multi_json (1.3.6)
    multipart-post (1.1.5)
    simple_oauth (0.1.9)
    twitter (3.4.1)
      faraday (~> 0.8)
      multi_json (~> 1.3)
      simple_oauth (~> 0.1.6)

PLATFORMS
  ruby

DEPENDENCIES
  twitter
